GEM
  remote: https://rubygems.org/
  specs:
    byebug (10.0.2)
    dotenv (2.5.0)
    httparty (0.21.0)
      mini_mime (>= 1.0.0)
      multi_xml (>= 0.5.2)
    mini_mime (1.1.2)
    multi_xml (0.6.0)
    mustermann (2.0.2)
      ruby2_keywords (~> 0.0.1)
    rack (2.2.6.4)
    rack-protection (2.2.3)
      rack
    ruby2_keywords (0.0.5)
    sinatra (2.2.3)
      mustermann (~> 2.0)
      rack (~> 2.2)
      rack-protection (= 2.2.3)
      tilt (~> 2.0)
    tilt (2.1.0)

PLATFORMS
  ruby

DEPENDENCIES
  byebug
  dotenv
  httparty
  sinatra

RUBY VERSION
   ruby 2.5.1p57

BUNDLED WITH
   1.17.1
