GEM
  remote: https://rubygems.org/
  specs:
    byebug (10.0.2)
    dotenv (2.5.0)
    httparty (0.16.2)
      multi_xml (>= 0.5.2)
    multi_xml (0.6.0)
    mustermann (1.0.3)
    rack (2.0.5)
    rack-protection (2.0.4)
      rack
    sinatra (2.0.4)
      mustermann (~> 1.0)
      rack (~> 2.0)
      rack-protection (= 2.0.4)
      tilt (~> 2.0)
    tilt (2.0.8)

PLATFORMS
  ruby

DEPENDENCIES
  byebug
  dotenv
  httparty
  sinatra

RUBY VERSION
   ruby 2.5.1p57

BUNDLED WITH
   1.17.1
